GEM
  remote: https://rubygems.org/
  specs:
    connection_pool (2.5.3)
    json (2.13.2)
    logger (1.7.0)
    rack (3.2.0)
    redis (5.4.1)
      redis-client (>= 0.22.0)
    redis-client (0.25.1)
      connection_pool
    sidekiq (8.0.6)
      connection_pool (>= 2.5.0)
      json (>= 2.9.0)
      logger (>= 1.6.2)
      rack (>= 3.1.0)
      redis-client (>= 0.23.2)

PLATFORMS
  aarch64-linux
  ruby

DEPENDENCIES
  json
  redis
  sidekiq

BUNDLED WITH
   2.6.9
